GEM
  remote: https://rubygems.org/
  specs:
    minitest (5.11.3)

PLATFORMS
  ruby

DEPENDENCIES
  minitest (= 5.11.3)

BUNDLED WITH
   1.17.2
